GEM
  remote: https://rubygems.org/
  specs:
    mixlib-shellout (2.3.2)

PLATFORMS
  ruby

DEPENDENCIES
  mixlib-shellout (~> 2.3)

BUNDLED WITH
   1.16.0
